GEM
  remote: https://rubygems.org/
  specs:
    erubis (2.7.0)
    json (1.8.1)

PLATFORMS
  ruby

DEPENDENCIES
  erubis
  json

BUNDLED WITH
   1.13.6
